GEM
  remote: https://rubygems.org/
  specs:
    opal (0.3.20)
    rake (0.9.2.2)

PLATFORMS
  ruby

DEPENDENCIES
  opal
  rake
